PATH
  remote: .
  specs:
    cloudstack-nagios (0.18.0)
      cloudstack_client (~> 1.0.4)
      erubis (~> 2.7.0)
      highline (~> 1.6.20)
      sshkit (~> 1.3.0)
      thor (~> 0.19.1)

GEM
  remote: https://rubygems.org/
  specs:
    cloudstack_client (1.0.4)
      msgpack (~> 0.5.11)
    erubis (2.7.0)
    highline (1.6.21)
    json (1.8.3)
    msgpack (0.5.12)
    net-scp (1.2.1)
      net-ssh (>= 2.6.5)
    net-ssh (3.0.1)
    rake (10.3.2)
    rdoc (4.2.0)
      json (~> 1.4)
    sshkit (1.3.0)
      net-scp (>= 1.1.2)
      net-ssh
      term-ansicolor
    term-ansicolor (1.3.2)
      tins (~> 1.0)
    thor (0.19.1)
    tins (1.6.0)

PLATFORMS
  ruby

DEPENDENCIES
  cloudstack-nagios!
  rake (~> 10.3.1)
  rdoc
