PATH
  remote: .
  specs:
    cloudstack-nagios (0.18.1)
      cloudstack_client (~> 1.2)
      erubis (~> 2.7)
      highline (~> 1.6)
      sshkit (~> 1.3)
      thor (~> 0.19)

GEM
  remote: https://rubygems.org/
  specs:
    cloudstack_client (1.2.2)
      multi_json (~> 1.11)
    erubis (2.7.0)
    highline (1.7.8)
    json (1.8.3)
    multi_json (1.11.2)
    net-scp (1.2.1)
      net-ssh (>= 2.6.5)
    net-ssh (3.0.2)
    rake (10.4.2)
    rdoc (4.2.1)
      json (~> 1.4)
    sshkit (1.8.1)
      net-scp (>= 1.1.2)
      net-ssh (>= 2.8.0)
    thor (0.19.1)

PLATFORMS
  ruby

DEPENDENCIES
  cloudstack-nagios!
  rake (~> 10.3)
  rdoc
