PATH
  remote: .
  specs:
    cloudstack-nagios (0.1.0)
      thor (~> 0.18.1)

GEM
  remote: https://rubygems.org/
  specs:
    erubis (2.7.0)
    json (1.8.1)
    rake (10.0.4)
    rdoc (4.0.1)
      json (~> 1.4)
    thor (0.18.1)

PLATFORMS
  ruby

DEPENDENCIES
  cloudstack-nagios!
  erubis
  rake (~> 10.0.4)
  rdoc
