PATH
  remote: .
  specs:
    cloudstack-nagios (0.18.2)
      cloudstack_client (~> 1.3)
      erubis (~> 2.7)
      highline (~> 1.7)
      sshkit (~> 1.9)
      thor (~> 0.19)

GEM
  remote: https://rubygems.org/
  specs:
    cloudstack_client (1.3.1)
    erubis (2.7.0)
    highline (1.7.8)
    json (1.8.3)
    net-scp (1.2.1)
      net-ssh (>= 2.6.5)
    net-ssh (3.1.1)
    rake (11.1.2)
    rdoc (4.2.2)
      json (~> 1.4)
    sshkit (1.9.0)
      net-scp (>= 1.1.2)
      net-ssh (>= 2.8.0)
    thor (0.19.1)

PLATFORMS
  ruby

DEPENDENCIES
  cloudstack-nagios!
  rake (~> 11.1)
  rdoc
