PATH
  remote: .
  specs:
    cloudstack-nagios (0.3.1)
      erubis (~> 2.7.0)
      highline (~> 1.6.20)
      sshkit (~> 1.1.0)
      thor (~> 0.18.1)

GEM
  remote: https://rubygems.org/
  specs:
    erubis (2.7.0)
    highline (1.6.20)
    json (1.8.1)
    net-scp (1.1.2)
      net-ssh (>= 2.6.5)
    net-ssh (2.7.0)
    rake (10.0.4)
    rdoc (4.0.1)
      json (~> 1.4)
    sshkit (1.1.0)
      net-scp
      net-ssh
      term-ansicolor
    term-ansicolor (1.2.2)
      tins (~> 0.8)
    thor (0.18.1)
    tins (0.12.0)

PLATFORMS
  ruby

DEPENDENCIES
  cloudstack-nagios!
  rake (~> 10.0.4)
  rdoc
